GIT
  remote: https://github.com/seuros/capistrano-sidekiq.git
  revision: 493ade199ab357ef619f8c7bb4a2bdd8bf653598
  specs:
    capistrano-sidekiq (2.0.0.beta5)
      capistrano (>= 3.9.0)
      capistrano-bundler
      sidekiq (>= 6.0)

GEM
  remote: https://rubygems.org/
  specs:
    airbrussh (1.4.0)
      sshkit (>= 1.6.1, != 1.7.0)
    byebug (11.0.1)
    capistrano (3.11.2)
      airbrussh (>= 1.0.0)
      i18n
      rake (>= 10.0.0)
      sshkit (>= 1.9.0)
    capistrano-bundler (2.0.1)
      capistrano (~> 3.1)
    capistrano-rvm (0.1.2)
      capistrano (~> 3.0)
      sshkit (~> 1.2)
    concurrent-ruby (1.1.6)
    connection_pool (2.2.3)
    i18n (1.8.5)
      concurrent-ruby (~> 1.0)
    minitest (5.13.0)
    net-scp (3.0.0)
      net-ssh (>= 2.6.5, < 7.0.0)
    net-ssh (6.1.0)
    rack (2.2.3)
    rake (13.0.1)
    redis (4.2.1)
    sidekiq (6.1.1)
      connection_pool (>= 2.2.2)
      rack (~> 2.0)
      redis (>= 4.2.0)
    sshkit (1.21.0)
      net-scp (>= 1.1.2)
      net-ssh (>= 2.8.0)
    sshkit-sudo (0.1.0)
      sshkit (~> 1.8)

PLATFORMS
  ruby

DEPENDENCIES
  byebug (~> 11.0.1)
  capistrano (~> 3.11.2)
  capistrano-rvm (~> 0.1.2)
  capistrano-sidekiq (~> 2.0.0.beta2)!
  minitest (~> 5.13.0)
  sshkit-sudo (~> 0.1.0)

BUNDLED WITH
   2.1.4
